GEM
  remote: https://rubygems.org/
  specs:
    mime-types (2.1)
    rest-client (1.6.7)
      mime-types (>= 1.16)
    terminal-table (1.4.5)

PLATFORMS
  ruby

DEPENDENCIES
  rest-client
  terminal-table
